GEM
  remote: https://rubygems.org/
  specs:
    actionview (8.0.2)
      activesupport (= 8.0.2)
      builder (~> 3.1)
      erubi (~> 1.11)
      rails-dom-testing (~> 2.2)
      rails-html-sanitizer (~> 1.6)
    activesupport (8.0.2)
      base64
      benchmark (>= 0.3)
      bigdecimal
      concurrent-ruby (~> 1.0, >= 1.3.1)
      connection_pool (>= 2.2.5)
      drb
      i18n (>= 1.6, < 2)
      logger (>= 1.4.2)
      minitest (>= 5.1)
      securerandom (>= 0.3)
      tzinfo (~> 2.0, >= 2.0.5)
      uri (>= 0.13.1)
    base64 (0.2.0)
    benchmark (0.4.0)
    bigdecimal (3.1.9)
    builder (3.3.0)
    charty (0.2.13)
      matplotlib (>= 1.2.0)
      pandas (>= 0.3.5)
      playwright-ruby-client
      red-colors (>= 0.3.0)
      red-datasets (>= 0.1.2)
      red-palette (>= 0.5.0)
    concurrent-ruby (1.3.5)
    connection_pool (2.5.0)
    crass (1.0.6)
    csv (3.3.2)
    daru (0.3)
      packable (~> 1.3.13)
    daru-data_tables (0.3.5)
      daru
    daru-view (0.2.6)
      actionview
      daru
      daru-data_tables
      google_visualr
      lazy_high_charts
      nyaplot
      thor
    data_uri (0.1.0)
    date (3.4.1)
    drb (2.2.1)
    erubi (1.13.1)
    ffi (1.17.1)
    ffi (1.17.1-x86_64-darwin)
    ffi-rzmq (2.0.7)
      ffi-rzmq-core (>= 1.0.7)
    ffi-rzmq-core (1.0.7)
      ffi
    google_visualr (2.5.1)
    hash-deep-merge (0.1.1)
    i18n (1.14.7)
      concurrent-ruby (~> 1.0)
    io-console (0.8.0)
    irb (1.15.1)
      pp (>= 0.6.0)
      rdoc (>= 4.0.0)
      reline (>= 0.4.2)
    iruby (0.8.1)
      data_uri (~> 0.1)
      ffi-rzmq
      irb
      logger
      mime-types (>= 3.3.1)
      multi_json (~> 1.11)
      native-package-installer
    json (2.10.2)
    lazy_high_charts (1.6.1)
      hash-deep-merge
    lbfgsb (0.6.0)
      numo-narray (>= 0.9.1)
    logger (1.6.6)
    loofah (2.24.0)
      crass (~> 1.0.2)
      nokogiri (>= 1.12.0)
    matplotlib (1.3.0)
      pycall (>= 1.0.0)
    matrix (0.4.2)
    mime-types (3.6.1)
      logger
      mime-types-data (~> 3.2015)
    mime-types-data (3.2025.0318)
    mini_portile2 (2.8.8)
    minitest (5.25.5)
    mmh3 (1.2.0)
    multi_json (1.15.0)
    native-package-installer (1.1.9)
    nokogiri (1.18.4)
      mini_portile2 (~> 2.8.2)
      racc (~> 1.4)
    nokogiri (1.18.4-x86_64-darwin)
      racc (~> 1.4)
    numo-narray (0.9.2.1)
    numpy (0.4.0)
      pycall (>= 1.2.0.beta1)
    nyaplot (0.1.6)
    open-uri (0.5.0)
      stringio
      time
      uri
    packable (1.3.18)
    pandas (0.3.8)
      numpy
      pycall (>= 1.0.0)
    playwright-ruby-client (1.51.0)
      concurrent-ruby (>= 1.1.6)
      mime-types (>= 3.0)
    pp (0.6.2)
      prettyprint
    prettyprint (0.2.0)
    psych (5.2.3)
      date
      stringio
    pycall (1.5.2)
    racc (1.8.1)
    rails-dom-testing (2.2.0)
      activesupport (>= 5.0.0)
      minitest
      nokogiri (>= 1.6)
    rails-html-sanitizer (1.6.2)
      loofah (~> 2.21)
      nokogiri (>= 1.15.7, != 1.16.7, != 1.16.6, != 1.16.5, != 1.16.4, != 1.16.3, != 1.16.2, != 1.16.1, != 1.16.0.rc1, != 1.16.0)
    rdoc (6.12.0)
      psych (>= 4.0.0)
    red-colors (0.4.0)
      json
      matrix
    red-datasets (0.1.8)
      csv (>= 3.2.4)
      rexml
      rubyzip
    red-palette (0.5.0)
      red-colors (>= 0.3.0)
    reline (0.6.0)
      io-console (~> 0.5)
    rexml (3.4.1)
    rubyzip (2.4.1)
    rumale (1.0.0)
      numo-narray (>= 0.9.1)
      rumale-clustering (~> 1.0.0)
      rumale-core (~> 1.0.0)
      rumale-decomposition (~> 1.0.0)
      rumale-ensemble (~> 1.0.0)
      rumale-evaluation_measure (~> 1.0.0)
      rumale-feature_extraction (~> 1.0.0)
      rumale-kernel_approximation (~> 1.0.0)
      rumale-kernel_machine (~> 1.0.0)
      rumale-linear_model (~> 1.0.0)
      rumale-manifold (~> 1.0.0)
      rumale-metric_learning (~> 1.0.0)
      rumale-model_selection (~> 1.0.0)
      rumale-naive_bayes (~> 1.0.0)
      rumale-nearest_neighbors (~> 1.0.0)
      rumale-neural_network (~> 1.0.0)
      rumale-pipeline (~> 1.0.0)
      rumale-preprocessing (~> 1.0.0)
      rumale-tree (~> 1.0.0)
    rumale-clustering (1.0.0)
      numo-narray (>= 0.9.1)
      rumale-core (~> 1.0.0)
    rumale-core (1.0.0)
      csv (>= 3.1.9)
      numo-narray (>= 0.9.1)
    rumale-decomposition (1.0.0)
      numo-narray (>= 0.9.1)
      rumale-core (~> 1.0.0)
    rumale-ensemble (1.0.0)
      numo-narray (>= 0.9.1)
      rumale-core (~> 1.0.0)
      rumale-linear_model (~> 1.0.0)
      rumale-model_selection (~> 1.0.0)
      rumale-preprocessing (~> 1.0.0)
      rumale-tree (~> 1.0.0)
    rumale-evaluation_measure (1.0.0)
      numo-narray (>= 0.9.1)
      rumale-core (~> 1.0.0)
    rumale-feature_extraction (1.0.0)
      mmh3 (~> 1.0)
      numo-narray (>= 0.9.1)
      rumale-core (~> 1.0.0)
    rumale-kernel_approximation (1.0.0)
      numo-narray (>= 0.9.1)
      rumale-core (~> 1.0.0)
    rumale-kernel_machine (1.0.0)
      numo-narray (>= 0.9.1)
      rumale-core (~> 1.0.0)
    rumale-linear_model (1.0.0)
      lbfgsb (>= 0.3.0)
      numo-narray (>= 0.9.1)
      rumale-core (~> 1.0.0)
    rumale-manifold (1.0.0)
      numo-narray (>= 0.9.1)
      rumale-core (~> 1.0.0)
      rumale-decomposition (~> 1.0.0)
    rumale-metric_learning (1.0.0)
      lbfgsb (>= 0.3.0)
      numo-narray (>= 0.9.1)
      rumale-core (~> 1.0.0)
      rumale-decomposition (~> 1.0.0)
    rumale-model_selection (1.0.0)
      numo-narray (>= 0.9.1)
      rumale-core (~> 1.0.0)
      rumale-evaluation_measure (~> 1.0.0)
      rumale-preprocessing (~> 1.0.0)
    rumale-naive_bayes (1.0.0)
      numo-narray (>= 0.9.1)
      rumale-core (~> 1.0.0)
    rumale-nearest_neighbors (1.0.0)
      numo-narray (>= 0.9.1)
      rumale-core (~> 1.0.0)
    rumale-neural_network (1.0.0)
      numo-narray (>= 0.9.1)
      rumale-core (~> 1.0.0)
    rumale-pipeline (1.0.0)
      numo-narray (>= 0.9.1)
      rumale-core (~> 1.0.0)
    rumale-preprocessing (1.0.0)
      numo-narray (>= 0.9.1)
      rumale-core (~> 1.0.0)
    rumale-tree (1.0.0)
      numo-narray (>= 0.9.1)
      rumale-core (~> 1.0.0)
    securerandom (0.4.1)
    stringio (3.1.5)
    thor (1.3.2)
    time (0.4.1)
      date
    tzinfo (2.0.6)
      concurrent-ruby (~> 1.0)
    uri (1.0.3)

PLATFORMS
  ruby
  x86_64-darwin-23

DEPENDENCIES
  charty (~> 0.2.13)
  daru
  daru-data_tables
  daru-view (~> 0.2.6)
  google_visualr
  iruby (~> 0.8.1)
  matplotlib (~> 1.3)
  matrix (~> 0.4.2)
  nyaplot
  open-uri (~> 0.5.0)
  red-datasets (~> 0.1.8)
  rumale (~> 1.0)

BUNDLED WITH
   2.6.5
